GEM
  remote: http://rubygems.org/
  specs:
    addressable (2.3.5)
    atomic (1.1.14)
    backup (4.0.7)
      addressable (= 2.3.5)
      atomic (= 1.1.14)
      buftok (= 0.2.0)
      builder (= 3.2.2)
      descendants_tracker (= 0.0.3)
      dogapi (= 1.11.0)
      dropbox-sdk (= 1.5.1)
      equalizer (= 0.0.9)
      excon (= 0.31.0)
      faraday (= 0.8.8)
      flowdock (= 0.4.0)
      fog (= 1.19.0)
      formatador (= 0.2.4)
      hipchat (= 1.0.1)
      http (= 0.5.0)
      http_parser.rb (= 0.6.0)
      httparty (= 0.12.0)
      json (= 1.8.1)
      mail (= 2.5.4)
      memoizable (= 0.4.0)
      mime-types (= 1.25.1)
      mini_portile (= 0.5.2)
      multi_json (= 1.8.2)
      multi_xml (= 0.5.5)
      multipart-post (= 1.2.0)
      net-scp (= 1.1.2)
      net-sftp (= 2.1.2)
      net-ssh (= 2.7.0)
      nokogiri (= 1.6.1)
      open4 (= 1.3.0)
      pagerduty (= 2.0.0)
      polyglot (= 0.3.3)
      ruby-hmac (= 0.4.0)
      simple_oauth (= 0.2.0)
      thor (= 0.18.1)
      thread_safe (= 0.1.3)
      treetop (= 1.4.15)
      twitter (= 5.5.0)
      unf (= 0.1.3)
      unf_ext (= 0.0.6)
    buftok (0.2.0)
    builder (3.2.2)
    descendants_tracker (0.0.3)
    dogapi (1.11.0)
      json (>= 1.5.1)
    dotenv (0.11.1)
      dotenv-deployment (~> 0.0.2)
    dotenv-deployment (0.0.2)
    dropbox-sdk (1.5.1)
      json
    equalizer (0.0.9)
    excon (0.31.0)
    faraday (0.8.8)
      multipart-post (~> 1.2.0)
    flowdock (0.4.0)
      httparty (~> 0.7)
      multi_json
    fog (1.19.0)
      builder
      excon (~> 0.31.0)
      formatador (~> 0.2.0)
      mime-types
      multi_json (~> 1.0)
      net-scp (~> 1.1)
      net-ssh (>= 2.1.3)
      nokogiri (~> 1.5)
      ruby-hmac
    formatador (0.2.4)
    hipchat (1.0.1)
      httparty
    http (0.5.0)
      http_parser.rb
    http_parser.rb (0.6.0)
    httparty (0.12.0)
      json (~> 1.8)
      multi_xml (>= 0.5.2)
    json (1.8.1)
    mail (2.5.4)
      mime-types (~> 1.16)
      treetop (~> 1.4.8)
    memoizable (0.4.0)
      thread_safe (~> 0.1.3)
    mime-types (1.25.1)
    mini_portile (0.5.2)
    multi_json (1.8.2)
    multi_xml (0.5.5)
    multipart-post (1.2.0)
    net-scp (1.1.2)
      net-ssh (>= 2.6.5)
    net-sftp (2.1.2)
      net-ssh (>= 2.6.5)
    net-ssh (2.7.0)
    nokogiri (1.6.1)
      mini_portile (~> 0.5.0)
    open4 (1.3.0)
    pagerduty (2.0.0)
      json (>= 1.7.7)
    polyglot (0.3.3)
    ruby-hmac (0.4.0)
    simple_oauth (0.2.0)
    thor (0.18.1)
    thread_safe (0.1.3)
      atomic
    treetop (1.4.15)
      polyglot
      polyglot (>= 0.3.1)
    twitter (5.5.0)
      addressable (~> 2.3)
      buftok (~> 0.2.0)
      descendants_tracker (~> 0.0.3)
      equalizer (~> 0.0.9)
      faraday (>= 0.8, < 0.10)
      http (~> 0.5.0)
      http_parser.rb (~> 0.6.0)
      json (~> 1.8)
      memoizable (~> 0.4.0)
      simple_oauth (~> 0.2.0)
    unf (0.1.3)
      unf_ext
    unf_ext (0.0.6)

PLATFORMS
  ruby

DEPENDENCIES
  backup (~> 4.0.1)
  dotenv (~> 0.11.1)
